GIT
  remote: git://github.com/NYULibraries/omniauth-nyulibraries.git
  revision: 7c208c53e18c8140aebff69c3ba0714309b1143f
  specs:
    omniauth-nyulibraries (2.1.0)
      omniauth-oauth2 (~> 1.2.0)

GEM
  remote: http://rubygems.org/
  specs:
    childprocess (0.5.9)
      ffi (~> 1.0, >= 1.0.11)
    faraday (0.9.2)
      multipart-post (>= 1.2, < 3)
    ffi (1.9.12)
    hashie (3.4.4)
    jwt (1.5.4)
    multi_json (1.12.1)
    multi_xml (0.5.5)
    multipart-post (2.0.0)
    oauth2 (1.2.0)
      faraday (>= 0.8, < 0.10)
      jwt (~> 1.0)
      multi_json (~> 1.3)
      multi_xml (~> 0.5)
      rack (>= 1.2, < 3)
    omniauth (1.3.1)
      hashie (>= 1.2, < 4)
      rack (>= 1.0, < 3)
    omniauth-oauth2 (1.2.0)
      faraday (>= 0.8, < 0.10)
      multi_json (~> 1.3)
      oauth2 (~> 1.0)
      omniauth (~> 1.2)
    rack (2.0.1)
    rubyzip (1.2.0)
    selenium-webdriver (2.53.4)
      childprocess (~> 0.5)
      rubyzip (~> 1.0)
      websocket (~> 1.0)
    websocket (1.2.3)

PLATFORMS
  ruby

DEPENDENCIES
  ffi (~> 1.9.12)
  omniauth-nyulibraries!
  omniauth-oauth2 (~> 1.2.0)
  selenium-webdriver

BUNDLED WITH
   1.11.2
